GEM
  remote: https://rubygems.org/
  specs:
    archive-zip (0.11.0)
      io-like (~> 0.3.0)
    cloudwalk (1.14.0)
      bundler
      rake
    cloudwalk_handshake (0.13.2)
    da_funk (2.3.0)
      archive-zip (~> 0.5)
      bundler
      cloudwalk_handshake
      funky-emv
      posxml_parser
      rake
    funky-emv (0.20.1)
      funky-tlv (~> 0.2)
    funky-tlv (0.2.3)
    infinite_pay (1.0.0)
      da_funk (~> 2)
      posxml_parser (~> 2)
    io-like (0.3.0)
    posxml_parser (2.10.0)
      funky-emv (~> 0.3)
    rake (12.3.2)

PLATFORMS
  ruby

DEPENDENCIES
  cloudwalk
  da_funk
  infinite_pay
  rake

BUNDLED WITH
   1.16.1
